PATH
  remote: .
  specs:
    rest_client_hasher (0.0.2)

GEM
  remote: https://rubygems.org/
  specs:
    mime-types (2.0)
    rake (10.1.0)
    rest-client (1.6.7)
      mime-types (>= 1.16)

PLATFORMS
  x86-mingw32

DEPENDENCIES
  bundler
  rake
  rest-client
  rest_client_hasher!
