PATH
  remote: .
  specs:
    rest_client_hasher (0.0.2)

GEM
  remote: https://rubygems.org/
  specs:
    rake (10.1.0)

PLATFORMS
  x86-mingw32

DEPENDENCIES
  bundler
  rake
  rest_client_hasher!
